PATH
  remote: .
  specs:
    parking_slot (0.1.0)
      colorize
      console_table
      sqlite3
      thor (~> 0.20)

GEM
  remote: https://rubygems.org/
  specs:
    colorize (0.8.1)
    console_table (0.3.0)
      ruby-terminfo (~> 0.1)
    rake (12.3.3)
    ruby-terminfo (0.1.1)
    sqlite3 (1.4.2)
    thor (0.20.3)

PLATFORMS
  ruby

DEPENDENCIES
  colorize
  console_table
  parking_slot!
  rake (~> 12.0)
  sqlite3

BUNDLED WITH
   2.1.4
